GIT
  remote: git://github.com/soupcms/soupcms-common.git
  revision: 152cdc6d6ffbf7b9f480ef0dc5952faa4e5cfa7d
  specs:
    soupcms-common (0.5.0)

GIT
  remote: git://github.com/sstephenson/sprockets.git
  revision: 2a658ff971b44ee995bf3205a991005f8dbdca1d
  ref: 2a658ff971b44ee995bf3205a991005f8dbdca1d
  specs:
    sprockets (2.12.0)
      hike (~> 1.2)
      rack (~> 1.0)

PATH
  remote: .
  specs:
    soupcms-core (0.5.0)
      bootstrap-sass
      sass
      slim
      sprockets-helpers

GEM
  remote: https://rubygems.org/
  specs:
    addressable (2.3.6)
    bootstrap-sass (3.1.1.0)
      sass (~> 3.2)
    bson (1.10.0)
    bson_ext (1.10.0)
      bson (~> 1.10.0)
    coderay (1.1.0)
    crack (0.4.2)
      safe_yaml (~> 1.0.0)
    diff-lcs (1.2.5)
    hike (1.2.3)
    method_source (0.8.2)
    mini_portile (0.5.3)
    mongo (1.10.0)
      bson (~> 1.10.0)
    nokogiri (1.6.1)
      mini_portile (~> 0.5.0)
    pry (0.9.12.6)
      coderay (~> 1.0)
      method_source (~> 0.8)
      slop (~> 3.4)
    puma (2.8.1)
      rack (>= 1.1, < 2.0)
    rack (1.5.2)
    rack-test (0.6.2)
      rack (>= 1.0)
    rake (10.2.2)
    rspec (3.0.0.beta2)
      rspec-core (= 3.0.0.beta2)
      rspec-expectations (= 3.0.0.beta2)
      rspec-mocks (= 3.0.0.beta2)
    rspec-core (3.0.0.beta2)
      rspec-support (= 3.0.0.beta2)
    rspec-expectations (3.0.0.beta2)
      diff-lcs (>= 1.2.0, < 2.0)
      rspec-support (= 3.0.0.beta2)
    rspec-mocks (3.0.0.beta2)
      rspec-support (= 3.0.0.beta2)
    rspec-support (3.0.0.beta2)
    safe_yaml (1.0.1)
    sass (3.3.4)
    slim (2.0.2)
      temple (~> 0.6.6)
      tilt (>= 1.3.3, < 2.1)
    slop (3.5.0)
    sprockets-helpers (1.1.0)
      sprockets (~> 2.0)
    temple (0.6.7)
    tilt (2.0.1)
    webmock (1.17.4)
      addressable (>= 2.2.7)
      crack (>= 0.3.2)

PLATFORMS
  ruby

DEPENDENCIES
  bson_ext
  mongo
  nokogiri
  pry
  puma
  rack-test
  rake
  rspec (~> 3.0.0.beta2)
  soupcms-common!
  soupcms-core!
  sprockets!
  webmock
