GIT
  remote: git://github.com/soupcms/soupcms-common.git
  revision: 2fae436b8b68c9d1fcc9bb601869c8b8a838c90c
  specs:
    soupcms-common (0.5.0)

PATH
  remote: .
  specs:
    soupcms-core (0.5.0)
      bootstrap-sass
      sass
      slim
      sprockets (= 3.0.0.beta.8)

GEM
  remote: https://rubygems.org/
  specs:
    addressable (2.3.7)
    autoprefixer-rails (5.1.7)
      execjs
      json
    bootstrap-sass (3.3.3)
      autoprefixer-rails (>= 5.0.0.1)
      sass (>= 3.2.19)
    bson (1.12.0)
    bson_ext (1.12.0)
      bson (~> 1.12.0)
    crack (0.4.2)
      safe_yaml (~> 1.0.0)
    diff-lcs (1.2.5)
    execjs (2.3.0)
    json (1.8.2)
    mini_portile (0.6.2)
    mongo (1.12.0)
      bson (= 1.12.0)
    nokogiri (1.6.6.2)
      mini_portile (~> 0.6.0)
    puma (2.11.1)
      rack (>= 1.1, < 2.0)
    rack (1.6.0)
    rack-test (0.6.3)
      rack (>= 1.0)
    rake (10.4.2)
    rspec (3.2.0)
      rspec-core (~> 3.2.0)
      rspec-expectations (~> 3.2.0)
      rspec-mocks (~> 3.2.0)
    rspec-core (3.2.1)
      rspec-support (~> 3.2.0)
    rspec-expectations (3.2.0)
      diff-lcs (>= 1.2.0, < 2.0)
      rspec-support (~> 3.2.0)
    rspec-mocks (3.2.1)
      diff-lcs (>= 1.2.0, < 2.0)
      rspec-support (~> 3.2.0)
    rspec-support (3.2.2)
    safe_yaml (1.0.4)
    sass (3.4.12)
    slim (3.0.2)
      temple (~> 0.7.3)
      tilt (>= 1.3.3, < 2.1)
    sprockets (3.0.0.beta.8)
      rack (~> 1.0)
    temple (0.7.5)
    tilt (2.0.1)
    webmock (1.20.4)
      addressable (>= 2.3.6)
      crack (>= 0.3.2)

PLATFORMS
  ruby

DEPENDENCIES
  bson_ext
  mongo
  nokogiri
  puma
  rack-test
  rake
  rspec
  soupcms-common!
  soupcms-core!
  webmock
