GIT
  remote: git://github.com/soupcms/soupcms-common.git
  revision: debe867c461b03150e8e6dd4ae338af56cf59c42
  specs:
    soupcms-common (0.5.0)

PATH
  remote: .
  specs:
    soupcms-core (0.5.0)
      bootstrap-sass
      sass
      slim
      sprockets (= 3.0.0.beta.3)

GEM
  remote: https://rubygems.org/
  specs:
    addressable (2.3.6)
    bootstrap-sass (3.3.0.1)
      sass (~> 3.2)
    bson (1.11.1)
    bson_ext (1.11.1)
      bson (~> 1.11.1)
    crack (0.4.2)
      safe_yaml (~> 1.0.0)
    diff-lcs (1.2.5)
    mini_portile (0.6.0)
    mongo (1.11.1)
      bson (= 1.11.1)
    nokogiri (1.6.3.1)
      mini_portile (= 0.6.0)
    puma (2.9.2)
      rack (>= 1.1, < 2.0)
    rack (1.5.2)
    rack-test (0.6.2)
      rack (>= 1.0)
    rake (10.3.2)
    rspec (3.1.0)
      rspec-core (~> 3.1.0)
      rspec-expectations (~> 3.1.0)
      rspec-mocks (~> 3.1.0)
    rspec-core (3.1.7)
      rspec-support (~> 3.1.0)
    rspec-expectations (3.1.2)
      diff-lcs (>= 1.2.0, < 2.0)
      rspec-support (~> 3.1.0)
    rspec-mocks (3.1.3)
      rspec-support (~> 3.1.0)
    rspec-support (3.1.2)
    safe_yaml (1.0.4)
    sass (3.4.7)
    slim (2.1.0)
      temple (~> 0.6.9)
      tilt (>= 1.3.3, < 2.1)
    sprockets (3.0.0.beta.3)
      rack (~> 1.0)
    temple (0.6.10)
    tilt (2.0.1)
    webmock (1.18.0)
      addressable (>= 2.3.6)
      crack (>= 0.3.2)

PLATFORMS
  ruby

DEPENDENCIES
  bson_ext
  mongo
  nokogiri
  puma
  rack-test
  rake
  rspec
  soupcms-common!
  soupcms-core!
  webmock
